GEM
  remote: https://rubygems.org/
  specs:
    abbrev (0.1.2)
    language_server-protocol (3.17.0.3)
    prism (1.2.0)
    rack (3.1.8)
    rackup (2.1.0)
      rack (>= 3)
      webrick (~> 1.8)
    rbs (3.4.4)
      abbrev
    ruby-lsp (0.20.1)
      language_server-protocol (~> 3.17.0)
      prism (>= 1.2, < 2.0)
      rbs (>= 3, < 4)
      sorbet-runtime (>= 0.5.10782)
    sorbet-runtime (0.5.11618)
    webrick (1.8.2)

PLATFORMS
  arm64-darwin-23
  ruby

DEPENDENCIES
  rack
  rackup
  ruby-lsp

BUNDLED WITH
   2.5.16
